GEM
  remote: https://rubygems.org/
  specs:
    mysql2 (0.5.3)

PLATFORMS
  aarch64-linux
  x86_64-linux

DEPENDENCIES
  mysql2 (~> 0.5)

BUNDLED WITH
   2.2.22
